GEM
  remote: https://rubygems.org/
  specs:
    daemons (1.1.9)
    rake (10.3.1)

PLATFORMS
  ruby

DEPENDENCIES
  daemons
  rake
